GEM
  remote: http://rubygems.org/
  specs:
    backports (2.3.0)
    builder (3.0.4)
    cucumber (1.3.1)
      builder (>= 2.1.2)
      diff-lcs (>= 1.1.3)
      gherkin (~> 2.12.0)
      multi_json (~> 1.3)
    database_cleaner (0.9.1)
    diff-lcs (1.2.4)
    eventmachine (0.12.10)
    gherkin (2.12.0)
      multi_json (~> 1.3)
    haml (3.1.4)
    maruku (0.6.0)
      syntax (>= 1.0.0)
    multi_json (1.7.7)
    pdfkit (0.5.2)
    rack (1.4.0)
    rack-protection (1.2.0)
      rack
    rack-test (0.6.1)
      rack (>= 1.0)
    rspec (2.13.0)
      rspec-core (~> 2.13.0)
      rspec-expectations (~> 2.13.0)
      rspec-mocks (~> 2.13.0)
    rspec-core (2.13.1)
    rspec-expectations (2.13.0)
      diff-lcs (>= 1.1.3, < 2.0)
    rspec-mocks (2.13.1)
    sass (3.1.12)
    sinatra (1.3.2)
      rack (~> 1.3, >= 1.3.6)
      rack-protection (~> 1.2)
      tilt (~> 1.3, >= 1.3.3)
    sinatra-contrib (1.3.1)
      backports (>= 2.0)
      eventmachine
      rack-protection
      rack-test
      sinatra (~> 1.3.0)
      tilt (~> 1.3)
    slim (1.1.0)
      temple (~> 0.3.5)
      tilt (~> 1.3.2)
    syntax (1.0.0)
    temple (0.3.5)
    tilt (1.3.3)
    wkhtmltopdf (0.1.2)

PLATFORMS
  ruby

DEPENDENCIES
  cucumber
  database_cleaner
  haml
  maruku
  pdfkit
  rspec
  sass
  sinatra
  sinatra-contrib
  slim
  wkhtmltopdf
